PATH
  remote: .
  specs:
    open_id_authentication (2.0.1)
      rack-openid2 (~> 2.0, >= 2.0.1)
      version_gem (~> 1.1, >= 1.1.4)

GEM
  remote: https://rubygems.org/
  specs:
    ansi (1.5.0)
    ast (2.4.2)
    backports (3.25.0)
    byebug (11.1.3)
    diff-lcs (1.5.1)
    diffy (3.4.2)
    docile (1.4.1)
    json (2.7.2)
    kettle-soup-cover (1.0.4)
      simplecov (~> 0.22)
      simplecov-cobertura (~> 2.1)
      simplecov-console (~> 0.9, >= 0.9.1)
      simplecov-html (~> 0.12)
      simplecov-lcov (~> 0.8)
      simplecov-rcov (~> 0.3, >= 0.3.3)
      simplecov_json_formatter (~> 0.1, >= 0.1.4)
      version_gem (~> 1.1, >= 1.1.4)
    language_server-protocol (3.17.0.3)
    lint_roller (1.1.0)
    ostruct (0.6.0)
    parallel (1.26.3)
    parser (3.3.5.0)
      ast (~> 2.4.1)
      racc
    racc (1.8.1)
    rack (3.1.7)
    rack-openid2 (2.0.1)
      rack (>= 2.2)
      ruby-openid2 (>= 3.0)
      version_gem (~> 1.1, >= 1.1.4)
    rainbow (3.1.1)
    rake (13.2.1)
    regexp_parser (2.9.2)
    rexml (3.3.7)
    rspec (3.13.0)
      rspec-core (~> 3.13.0)
      rspec-expectations (~> 3.13.0)
      rspec-mocks (~> 3.13.0)
    rspec-block_is_expected (1.0.6)
    rspec-core (3.13.1)
      rspec-support (~> 3.13.0)
    rspec-expectations (3.13.3)
      diff-lcs (>= 1.2.0, < 2.0)
      rspec-support (~> 3.13.0)
    rspec-mocks (3.13.1)
      diff-lcs (>= 1.2.0, < 2.0)
      rspec-support (~> 3.13.0)
    rspec-support (3.13.1)
    rubocop (1.65.1)
      json (~> 2.3)
      language_server-protocol (>= 3.17.0)
      parallel (~> 1.10)
      parser (>= 3.3.0.2)
      rainbow (>= 2.2.2, < 4.0)
      regexp_parser (>= 2.4, < 3.0)
      rexml (>= 3.2.5, < 4.0)
      rubocop-ast (>= 1.31.1, < 2.0)
      ruby-progressbar (~> 1.7)
      unicode-display_width (>= 2.4.0, < 3.0)
    rubocop-ast (1.32.3)
      parser (>= 3.3.1.0)
    rubocop-capybara (2.21.0)
      rubocop (~> 1.41)
    rubocop-factory_bot (2.26.1)
      rubocop (~> 1.61)
    rubocop-gradual (0.3.6)
      diff-lcs (>= 1.2.0, < 2.0)
      diffy (~> 3.0)
      parallel (~> 1.10)
      rainbow (>= 2.2.2, < 4.0)
      rubocop (~> 1.0)
    rubocop-lts (18.2.1)
      rubocop-ruby2_7 (>= 2.0.4, < 3)
      standard-rubocop-lts (>= 1.0.3, < 3)
      version_gem (>= 1.1.2, < 3)
    rubocop-md (1.2.3)
      rubocop (>= 1.45)
    rubocop-minitest (0.36.0)
      rubocop (>= 1.61, < 2.0)
      rubocop-ast (>= 1.31.1, < 2.0)
    rubocop-packaging (0.5.2)
      rubocop (>= 1.33, < 2.0)
    rubocop-performance (1.21.1)
      rubocop (>= 1.48.1, < 2.0)
      rubocop-ast (>= 1.31.1, < 2.0)
    rubocop-rake (0.6.0)
      rubocop (~> 1.0)
    rubocop-rspec (2.31.0)
      rubocop (~> 1.40)
      rubocop-capybara (~> 2.17)
      rubocop-factory_bot (~> 2.22)
      rubocop-rspec_rails (~> 2.28)
    rubocop-rspec_rails (2.29.1)
      rubocop (~> 1.61)
    rubocop-ruby2_7 (2.0.6)
      rubocop-gradual (~> 0.3, >= 0.3.1)
      rubocop-md (~> 1.2)
      rubocop-rake (~> 0.6)
      rubocop-shopify (~> 2.14)
      rubocop-thread_safety (~> 0.5, >= 0.5.1)
      standard-rubocop-lts (~> 1.0, >= 1.0.7)
      version_gem (>= 1.1.3, < 3)
    rubocop-shopify (2.15.1)
      rubocop (~> 1.51)
    rubocop-thread_safety (0.5.1)
      rubocop (>= 0.90.0)
    ruby-openid2 (3.0.0)
      version_gem (~> 1.1, >= 1.1.4)
    ruby-progressbar (1.13.0)
    simplecov (0.22.0)
      docile (~> 1.1)
      simplecov-html (~> 0.11)
      simplecov_json_formatter (~> 0.1)
    simplecov-cobertura (2.1.0)
      rexml
      simplecov (~> 0.19)
    simplecov-console (0.9.1)
      ansi
      simplecov
      terminal-table
    simplecov-html (0.13.1)
    simplecov-lcov (0.8.0)
    simplecov-rcov (0.3.7)
      simplecov (>= 0.4.1)
    simplecov_json_formatter (0.1.4)
    standard (1.40.0)
      language_server-protocol (~> 3.17.0.2)
      lint_roller (~> 1.0)
      rubocop (~> 1.65.0)
      standard-custom (~> 1.0.0)
      standard-performance (~> 1.4)
    standard-custom (1.0.2)
      lint_roller (~> 1.0)
      rubocop (~> 1.50)
    standard-performance (1.4.0)
      lint_roller (~> 1.1)
      rubocop-performance (~> 1.21.0)
    standard-rubocop-lts (1.0.10)
      rspec-block_is_expected (~> 1.0, >= 1.0.5)
      standard (>= 1.35.1, < 2)
      standard-custom (>= 1.0.2, < 2)
      standard-performance (>= 1.3.1, < 2)
      version_gem (>= 1.1.4, < 3)
    terminal-table (3.0.2)
      unicode-display_width (>= 1.1.1, < 3)
    unicode-display_width (2.6.0)
    version_gem (1.1.4)
    yard (0.9.37)
    yard-junk (0.0.10)
      backports (>= 3.18)
      ostruct
      rainbow
      yard

PLATFORMS
  ruby

DEPENDENCIES
  byebug (>= 11)
  kettle-soup-cover (~> 1.0, >= 1.0.2)
  open_id_authentication!
  rake (>= 13)
  rspec (>= 3)
  rspec-block_is_expected (~> 1.0, >= 1.0.5)
  rubocop-lts (~> 18.2, >= 18.2.1)
  rubocop-minitest (~> 0.36)
  rubocop-packaging (~> 0.5, >= 0.5.2)
  rubocop-rspec (~> 2.10)
  standard (>= 1.35.1)
  yard (~> 0.9, >= 0.9.34)
  yard-junk (~> 0.0.10)

BUNDLED WITH
   2.4.22
